GEM
  remote: http://rubygems.org/
  specs:
    dalli (2.6.0)
    diff-lcs (1.1.3)
    memcachier (0.0.2)
    rack (1.4.1)
    rack-protection (1.2.0)
      rack
    rspec (2.12.0)
      rspec-core (~> 2.12.0)
      rspec-expectations (~> 2.12.0)
      rspec-mocks (~> 2.12.0)
    rspec-core (2.12.0)
    rspec-expectations (2.12.0)
      diff-lcs (~> 1.1.3)
    rspec-mocks (2.12.0)
    sinatra (1.3.3)
      rack (~> 1.3, >= 1.3.6)
      rack-protection (~> 1.2)
      tilt (~> 1.3, >= 1.3.3)
    tilt (1.3.3)

PLATFORMS
  ruby

DEPENDENCIES
  dalli
  memcachier
  rack
  rspec
  rspec-core
  sinatra
